GEM
  remote: http://rubygems.org/
  specs:
    diff-lcs (1.1.3)
    json (1.6.5-java)
    rspec (2.8.0)
      rspec-core (~> 2.8.0)
      rspec-expectations (~> 2.8.0)
      rspec-mocks (~> 2.8.0)
    rspec-core (2.8.0)
    rspec-expectations (2.8.0)
      diff-lcs (~> 1.1.2)
    rspec-mocks (2.8.0)

PLATFORMS
  java

DEPENDENCIES
  json
  rspec (~> 2.8.0)
